GEM
  remote: https://rubygems.org/
  specs:
    addressable (2.5.1)
      public_suffix (~> 2.0, >= 2.0.2)
    awesome_print (1.7.0)
    codecov (0.1.10)
      json
      simplecov
      url
    coderay (1.1.1)
    crack (0.4.3)
      safe_yaml (~> 1.0.0)
    diff-lcs (1.3)
    docile (1.1.5)
    dotenv (2.2.1)
    enumerable-lazy (0.0.2)
    faraday (0.12.1)
      multipart-post (>= 1.2, < 3)
    hashdiff (0.3.4)
    hashie (3.5.5)
    i18n (0.8.4)
    json (2.1.0)
    jwt (1.5.6)
    koala (3.0.0)
      addressable
      faraday
      json (>= 1.8)
    mail (2.6.6)
      mime-types (>= 1.16, < 4)
    method_source (0.8.2)
    mime-types (2.99.3)
    moneta (0.8.1)
    multi_json (1.12.1)
    multi_xml (0.6.0)
    multipart-post (2.0.0)
    mustermann (1.0.0)
    mustermann19 (0.4.4)
      enumerable-lazy
    oauth2 (1.4.0)
      faraday (>= 0.8, < 0.13)
      jwt (~> 1.0)
      multi_json (~> 1.3)
      multi_xml (~> 0.5)
      rack (>= 1.2, < 3)
    omniauth (1.6.1)
      hashie (>= 3.4.6, < 3.6.0)
      rack (>= 1.6.2, < 3)
    omniauth-facebook (4.0.0)
      omniauth-oauth2 (~> 1.2)
    omniauth-oauth2 (1.4.0)
      oauth2 (~> 1.0)
      omniauth (~> 1.2)
    padrino (0.14.1.1)
      padrino-admin (= 0.14.1.1)
      padrino-cache (= 0.14.1.1)
      padrino-core (= 0.14.1.1)
      padrino-gen (= 0.14.1.1)
      padrino-helpers (= 0.14.1.1)
      padrino-mailer (= 0.14.1.1)
      padrino-support (= 0.14.1.1)
    padrino-admin (0.14.1.1)
      padrino-core (= 0.14.1.1)
      padrino-helpers (= 0.14.1.1)
    padrino-cache (0.14.1.1)
      moneta (~> 0.8.0)
      padrino-core (= 0.14.1.1)
      padrino-helpers (= 0.14.1.1)
    padrino-core (0.14.1.1)
      mustermann19
      padrino-support (= 0.14.1.1)
      rack-protection (>= 1.5.0)
      sinatra (>= 1.4.6)
      thor (~> 0.18)
    padrino-gen (0.14.1.1)
      bundler (~> 1.0)
      padrino-core (= 0.14.1.1)
    padrino-helpers (0.14.1.1)
      i18n (~> 0.6, >= 0.6.7)
      padrino-support (= 0.14.1.1)
      tilt (>= 1.4.1, < 3)
    padrino-mailer (0.14.1.1)
      mail (~> 2.5)
      mime-types (< 3)
      padrino-core (= 0.14.1.1)
    padrino-support (0.14.1.1)
    pg (0.21.0)
    pry (0.10.4)
      coderay (~> 1.1.0)
      method_source (~> 0.8.1)
      slop (~> 3.4)
    public_suffix (2.0.5)
    puma (3.9.0)
    rack (2.0.3)
    rack-protection (2.0.0)
      rack
    rake (12.0.0)
    rspec (3.6.0)
      rspec-core (~> 3.6.0)
      rspec-expectations (~> 3.6.0)
      rspec-mocks (~> 3.6.0)
    rspec-core (3.6.0)
      rspec-support (~> 3.6.0)
    rspec-expectations (3.6.0)
      diff-lcs (>= 1.2.0, < 2.0)
      rspec-support (~> 3.6.0)
    rspec-mocks (3.6.0)
      diff-lcs (>= 1.2.0, < 2.0)
      rspec-support (~> 3.6.0)
    rspec-support (3.6.0)
    safe_yaml (1.0.4)
    sequel (4.47.0)
    simplecov (0.14.1)
      docile (~> 1.1.0)
      json (>= 1.8, < 3)
      simplecov-html (~> 0.10.0)
    simplecov-html (0.10.1)
    sinatra (2.0.0)
      mustermann (~> 1.0)
      rack (~> 2.0)
      rack-protection (= 2.0.0)
      tilt (~> 2.0)
    slop (3.6.0)
    thor (0.19.4)
    tilt (2.0.7)
    url (0.3.2)
    webmock (3.0.1)
      addressable (>= 2.3.6)
      crack (>= 0.3.2)
      hashdiff

PLATFORMS
  ruby

DEPENDENCIES
  awesome_print
  codecov
  dotenv
  koala
  omniauth-facebook
  padrino (= 0.14.1.1)
  pg
  pry
  puma
  rake
  rspec
  sequel
  webmock

RUBY VERSION
   ruby 2.4.0p-1

BUNDLED WITH
   1.15.1
